GEM
  remote: https://rubygems.org/
  specs:
    activesupport (6.1.3.1)
      concurrent-ruby (~> 1.0, >= 1.0.2)
      i18n (>= 1.6, < 2)
      minitest (>= 5.1)
      tzinfo (~> 2.0)
      zeitwerk (~> 2.3)
    concurrent-ruby (1.1.8)
    facets (2.9.3)
    i18n (1.8.10)
      concurrent-ruby (~> 1.0)
    minitest (5.3.3)
    plexus (0.5.10)
      activesupport
      facets
      rake
    rake (10.3.0)
    tzinfo (2.0.4)
      concurrent-ruby (~> 1.0)
    zeitwerk (2.4.2)

PLATFORMS
  ruby

DEPENDENCIES
  minitest (~> 5.3.3)
  plexus (~> 0.5.10)
