GEM
  remote: https://rubygems.org/
  specs:
    minitest (5.3.3)

PLATFORMS
  ruby

DEPENDENCIES
  minitest (~> 5.3.3)
